PATH
  remote: .
  specs:
    route53 (0.1.0)

GEM
  remote: http://rubygems.org/
  specs:
    builder (3.0.0)
    hpricot (0.8.3)
    ruby-hmac (0.4.0)

PLATFORMS
  ruby

DEPENDENCIES
  builder
  bundler (>= 1.0.0)
  hpricot
  route53!
  ruby-hmac
